GEM
  remote: http://rubygems.org/
  specs:
    activemodel (3.0.0.rc2)
      activesupport (= 3.0.0.rc2)
      builder (~> 2.1.2)
      i18n (~> 0.4.1)
    activerecord (3.0.0.rc2)
      activemodel (= 3.0.0.rc2)
      activesupport (= 3.0.0.rc2)
      arel (~> 1.0.0.rc1)
      tzinfo (~> 0.3.23)
    activeresource (3.0.0.rc2)
      activemodel (= 3.0.0.rc2)
      activesupport (= 3.0.0.rc2)
    activesupport (3.0.0.rc2)
    arel (1.0.0.rc1)
      activesupport (>= 3.0.0.beta)
    builder (2.1.2)
    diff-lcs (1.1.2)
    i18n (0.4.1)
    libxml-ruby (1.1.4)
    nokogiri (1.4.3.1)
    rspec (2.0.0.beta.20)
      rspec-core (= 2.0.0.beta.20)
      rspec-expectations (= 2.0.0.beta.20)
      rspec-mocks (= 2.0.0.beta.20)
    rspec-core (2.0.0.beta.20)
    rspec-expectations (2.0.0.beta.20)
      diff-lcs (>= 1.1.2)
    rspec-mocks (2.0.0.beta.20)
    sqlite3-ruby (1.3.1)
    tzinfo (0.3.23)
    will_paginate (3.0.pre2)

PLATFORMS
  ruby

DEPENDENCIES
  activerecord (~> 3.0.0.rc2)
  activeresource (~> 3.0.0.rc2)
  activesupport (~> 3.0.0.rc2)
  libxml-ruby (~> 1.1.4)
  nokogiri (~> 1.4.3.1)
  rspec (~> 2.0.0.beta.20)
  sqlite3-ruby (~> 1.3.1)
  will_paginate (~> 3.0.pre2)
